GIT
  remote: git@bitbucket.org:ktechsystems/ktcommon.git
  revision: 65205e9af9036b48778f6396a64d5121a2ed1e47
  specs:
    ktcommon (0.0.7)
      git_store

GIT
  remote: git@github.com:jmcaffee/ktutils.git
  revision: 34a34110cdf2506db453d2247398a2be97ff19a9
  specs:
    ktutils (0.0.2)

GEM
  remote: https://rubygems.org/
  specs:
    builder (3.2.2)
    diff-lcs (1.2.5)
    docile (1.1.0)
    git_store (0.3.3)
    hashugar (1.0.0)
    hoe (3.7.3)
      rake (>= 0.8, < 11.0)
    hpricot (0.8.6-java)
    httparty (0.13.3)
      json (~> 1.8)
      multi_xml (>= 0.5.2)
    jdbc-sqlite3 (3.8.7)
    jruby-jars (1.7.18)
    jruby-rack (1.1.18)
    json (1.8.1-java)
    lockfile (2.1.0)
    multi_json (1.8.2)
    multi_xml (0.5.5)
    rake (10.1.0)
    rspec (3.1.0)
      rspec-core (~> 3.1.0)
      rspec-expectations (~> 3.1.0)
      rspec-mocks (~> 3.1.0)
    rspec-core (3.1.7)
      rspec-support (~> 3.1.0)
    rspec-expectations (3.1.2)
      diff-lcs (>= 1.2.0, < 2.0)
      rspec-support (~> 3.1.0)
    rspec-mocks (3.1.3)
      rspec-support (~> 3.1.0)
    rspec-support (3.1.2)
    rubyzip (1.1.6)
    s4t-utils (1.0.4)
      hoe (>= 1.3.0)
    simplecov (0.8.1)
      docile (~> 1.1.0)
      lockfile (>= 2.1.0)
      multi_json
      simplecov-html (~> 0.8.0)
    simplecov-html (0.8.0)
    themoviedb (0.0.24)
      hashugar
      httparty
    user-choices (1.1.6.1)
      builder (>= 2.1.2)
      s4t-utils (>= 1.0.3)
      xml-simple (>= 1.0.11)
    warbler (1.4.4)
      jruby-jars (>= 1.5.6, < 2.0)
      jruby-rack (>= 1.0.0)
      rake (>= 0.9.6)
      rubyzip (>= 0.9, < 1.2)
    xml-simple (1.1.2)

PLATFORMS
  java

DEPENDENCIES
  hoe (>= 1.3)
  hpricot
  jdbc-sqlite3
  json
  ktcommon!
  ktutils!
  rspec
  s4t-utils
  simplecov
  themoviedb
  user-choices
  warbler
  xml-simple
