GIT
  remote: git@bitbucket.org:ktechsystems/ktcommon.git
  revision: 7b9d0d6f69fc95c3cc54200d68a4ec551f98fccb
  specs:
    ktcommon (0.0.7)
      git_store

GEM
  remote: https://rubygems.org/
  specs:
    builder (3.2.2)
    coderay (1.1.1)
    dbd-jdbc (0.1.6-java)
    dbi (0.4.5)
      deprecated (= 2.0.1)
    deprecated (2.0.1)
    diff-lcs (1.2.5)
    docile (1.1.5)
    ffi (1.9.14-java)
    formatador (0.2.5)
    git_store (0.3.3)
    guard (2.14.0)
      formatador (>= 0.2.4)
      listen (>= 2.7, < 4.0)
      lumberjack (~> 1.0)
      nenv (~> 0.1)
      notiffany (~> 0.0)
      pry (>= 0.9.12)
      shellany (~> 0.0)
      thor (>= 0.18.1)
    guard-compat (1.2.1)
    guard-rspec (4.7.3)
      guard (~> 2.1)
      guard-compat (~> 1.1)
      rspec (>= 2.99.0, < 4.0)
    hoe (3.15.1)
      rake (>= 0.8, < 12.0)
    httparty (0.14.0)
      multi_xml (>= 0.5.2)
    interception (0.5)
    jdbc-sqlite3 (3.8.11.2)
    jruby-jars (9.1.2.0)
    json (1.8.3-java)
    ktutils (0.0.3)
    listen (3.1.5)
      rb-fsevent (~> 0.9, >= 0.9.4)
      rb-inotify (~> 0.9, >= 0.9.7)
      ruby_dep (~> 1.2)
    lumberjack (1.0.10)
    method_source (0.8.2)
    multi_xml (0.5.5)
    nenv (0.3.0)
    nokogiri (1.6.8-java)
    notiffany (0.1.1)
      nenv (~> 0.1)
      shellany (~> 0.0)
    pry (0.10.4-java)
      coderay (~> 1.1.0)
      method_source (~> 0.8.1)
      slop (~> 3.4)
      spoon (~> 0.0)
    pry-nav (0.2.4)
      pry (>= 0.9.10, < 0.11.0)
    pry-rescue (1.4.4)
      interception (>= 0.5)
      pry
    puck (1.2.4-java)
    qbt_client (1.0.0)
      httparty (~> 0.7)
    rake (11.2.2)
    rb-fsevent (0.9.7)
    rb-inotify (0.9.7)
      ffi (>= 0.5.0)
    rb-readline (0.5.3)
    rdoc (4.2.2)
      json (~> 1.4)
    rspec (3.5.0)
      rspec-core (~> 3.5.0)
      rspec-expectations (~> 3.5.0)
      rspec-mocks (~> 3.5.0)
    rspec-core (3.5.2)
      rspec-support (~> 3.5.0)
    rspec-expectations (3.5.0)
      diff-lcs (>= 1.2.0, < 2.0)
      rspec-support (~> 3.5.0)
    rspec-its (1.2.0)
      rspec-core (>= 3.0.0)
      rspec-expectations (>= 3.0.0)
    rspec-mocks (3.5.0)
      diff-lcs (>= 1.2.0, < 2.0)
      rspec-support (~> 3.5.0)
    rspec-support (3.5.0)
    ruby_dep (1.3.1)
    s4t-utils (1.0.4)
      hoe (>= 1.3.0)
    sequel (4.37.0)
    shellany (0.0.1)
    simplecov (0.12.0)
      docile (~> 1.1.0)
      json (>= 1.8, < 3)
      simplecov-html (~> 0.10.0)
    simplecov-html (0.10.0)
    slop (3.6.0)
    spoon (0.0.4)
      ffi
    themoviedb (1.0.1)
      httparty
    thor (0.19.1)
    user-choices (1.1.6.1)
      builder (>= 2.1.2)
      s4t-utils (>= 1.0.3)
      xml-simple (>= 1.0.11)
    xml-simple (1.1.5)

PLATFORMS
  java

DEPENDENCIES
  dbd-jdbc
  dbi
  guard
  guard-rspec
  hoe (>= 1.3)
  jdbc-sqlite3
  jruby-jars (= 9.1.2.0)
  json
  ktcommon!
  ktutils
  nokogiri
  pry
  pry-nav
  pry-rescue
  pry-stack_explorer
  puck (~> 1.2.4)
  qbt_client (~> 1.0.0)
  rb-readline
  rdoc
  rspec
  rspec-its
  s4t-utils
  sequel
  simplecov
  sqlite3
  themoviedb
  user-choices
  xml-simple

BUNDLED WITH
   1.12.5
