GEM
  remote: http://rubygems.org/
  specs:
    binding_of_caller (0.7.2)
      debug_inspector (>= 0.0.1)
    builder (3.2.2)
    coderay (1.0.9)
    debug_inspector (0.0.2)
    docile (1.1.0)
    hoe (3.7.3)
      rake (>= 0.8, < 11.0)
    hpricot (0.8.6)
    interception (0.3)
    json (1.8.1)
    ktcommon (0.0.1)
    lockfile (2.1.0)
    method_source (0.8.2)
    multi_json (1.8.2)
    ocra (1.3.1)
    pry (0.9.12.2-x86-mingw32)
      coderay (~> 1.0.5)
      method_source (~> 0.8)
      slop (~> 3.4)
      win32console (~> 1.3)
    pry-nav (0.2.3)
      pry (~> 0.9.10)
    pry-rescue (1.2.0)
      interception (>= 0.3)
      pry
    pry-stack_explorer (0.4.9.1)
      binding_of_caller (>= 0.7)
      pry (>= 0.9.11)
    rake (10.1.0)
    rb-readline (0.5.0)
    s4t-utils (1.0.4)
      hoe (>= 1.3.0)
    simplecov (0.8.1)
      docile (~> 1.1.0)
      lockfile (>= 2.1.0)
      multi_json
      simplecov-html (~> 0.8.0)
    simplecov-html (0.8.0)
    slop (3.4.7)
    sqlite3 (1.3.8-x86-mingw32)
    user-choices (1.1.6.1)
      builder (>= 2.1.2)
      s4t-utils (>= 1.0.3)
      xml-simple (>= 1.0.11)
    win32console (1.3.2-x86-mingw32)
    xml-simple (1.1.2)

PLATFORMS
  x86-mingw32

DEPENDENCIES
  hoe (>= 1.3)
  hpricot
  json
  ktcommon
  ocra
  pry
  pry-nav
  pry-rescue
  pry-stack_explorer
  rb-readline
  s4t-utils
  simplecov
  sqlite3
  user-choices
  xml-simple
