GIT
  remote: git@bitbucket.org:ktechsystems/ktcommon.git
  revision: 65205e9af9036b48778f6396a64d5121a2ed1e47
  specs:
    ktcommon (0.0.7)
      git_store

GIT
  remote: git@github.com:jmcaffee/qbt_client.git
  revision: f86824d71718e8f8cb1a0b44ce95763663b7327d
  branch: v1.0.0
  specs:
    qbt_client (1.0.0)
      httparty (~> 0.7)

GEM
  remote: https://rubygems.org/
  specs:
    binding_of_caller (0.7.2)
      debug_inspector (>= 0.0.1)
    builder (3.2.2)
    celluloid (0.16.0)
      timers (~> 4.0.0)
    coderay (1.1.0)
    dbd-jdbc (0.1.6-java)
    dbi (0.4.5)
      deprecated (= 2.0.1)
    debug_inspector (0.0.2)
    deprecated (2.0.1)
    diff-lcs (1.2.5)
    docile (1.1.0)
    ffi (1.9.6)
    ffi (1.9.6-java)
    formatador (0.2.5)
    git_store (0.3.3)
    guard (2.12.1)
      formatador (>= 0.2.4)
      listen (~> 2.7)
      lumberjack (~> 1.0)
      nenv (~> 0.1)
      notiffany (~> 0.0)
      pry (>= 0.9.12)
      shellany (~> 0.0)
      thor (>= 0.18.1)
    guard-compat (1.2.1)
    guard-rspec (4.5.0)
      guard (~> 2.1)
      guard-compat (~> 1.1)
      rspec (>= 2.99.0, < 4.0)
    hashugar (1.0.0)
    hitimes (1.2.2)
    hitimes (1.2.2-java)
    hoe (3.7.3)
      rake (>= 0.8, < 11.0)
    httparty (0.13.5)
      json (~> 1.8)
      multi_xml (>= 0.5.2)
    interception (0.5)
    jdbc-sqlite3 (3.8.7)
    jruby-jars (1.7.18)
    json (1.8.3)
    json (1.8.3-java)
    ktutils (0.0.3)
    listen (2.8.5)
      celluloid (>= 0.15.2)
      rb-fsevent (>= 0.9.3)
      rb-inotify (>= 0.9)
    lockfile (2.1.0)
    lumberjack (1.0.9)
    method_source (0.8.2)
    mini_portile (0.6.2)
    multi_json (1.8.2)
    multi_xml (0.5.5)
    nenv (0.2.0)
    nokogiri (1.6.6.2)
      mini_portile (~> 0.6.0)
    nokogiri (1.6.6.2-java)
    notiffany (0.0.5)
      nenv (~> 0.1)
      shellany (~> 0.0)
    pry (0.10.1)
      coderay (~> 1.1.0)
      method_source (~> 0.8.1)
      slop (~> 3.4)
    pry (0.10.1-java)
      coderay (~> 1.1.0)
      method_source (~> 0.8.1)
      slop (~> 3.4)
      spoon (~> 0.0)
    pry-nav (0.2.4)
      pry (>= 0.9.10, < 0.11.0)
    pry-rescue (1.4.1)
      interception (>= 0.5)
      pry
    pry-stack_explorer (0.4.9.1)
      binding_of_caller (>= 0.7)
      pry (>= 0.9.11)
    puck (1.0.0.pre4)
    rake (10.1.0)
    rb-fsevent (0.9.4)
    rb-inotify (0.9.5)
      ffi (>= 0.5.0)
    rb-readline (0.5.2)
    rdoc (4.1.2)
      json (~> 1.4)
    rspec (3.1.0)
      rspec-core (~> 3.1.0)
      rspec-expectations (~> 3.1.0)
      rspec-mocks (~> 3.1.0)
    rspec-core (3.1.7)
      rspec-support (~> 3.1.0)
    rspec-expectations (3.1.2)
      diff-lcs (>= 1.2.0, < 2.0)
      rspec-support (~> 3.1.0)
    rspec-its (1.1.0)
      rspec-core (>= 3.0.0)
      rspec-expectations (>= 3.0.0)
    rspec-mocks (3.1.3)
      rspec-support (~> 3.1.0)
    rspec-support (3.1.2)
    s4t-utils (1.0.4)
      hoe (>= 1.3.0)
    sequel (4.18.0)
    shellany (0.0.1)
    simplecov (0.8.1)
      docile (~> 1.1.0)
      lockfile (>= 2.1.0)
      multi_json
      simplecov-html (~> 0.8.0)
    simplecov-html (0.8.0)
    slop (3.6.0)
    spoon (0.0.4)
      ffi
    sqlite3 (1.3.10)
    themoviedb (0.0.24)
      hashugar
      httparty
    thor (0.19.1)
    timers (4.0.1)
      hitimes
    user-choices (1.1.6.1)
      builder (>= 2.1.2)
      s4t-utils (>= 1.0.3)
      xml-simple (>= 1.0.11)
    xml-simple (1.1.2)

PLATFORMS
  java
  ruby

DEPENDENCIES
  dbd-jdbc
  dbi
  guard
  guard-rspec
  hoe (>= 1.3)
  jdbc-sqlite3
  jruby-jars (= 1.7.18)
  json
  ktcommon!
  ktutils
  nokogiri
  pry
  pry-nav
  pry-rescue
  pry-stack_explorer
  puck (>= 1.0.0.pre)
  qbt_client!
  rb-readline
  rdoc
  rspec
  rspec-its
  s4t-utils
  sequel
  simplecov
  sqlite3
  themoviedb
  user-choices
  xml-simple
